GEM
  remote: http://rubygems.org/
  specs:
    minitest (4.5.0)

PLATFORMS
  java

DEPENDENCIES
  minitest
